GEM
  remote: http://rubygems.org/
  specs:
    ffi (1.9.6)
    hooks (0.4.0)
      uber (~> 0.0.4)
    rbind (0.0.26)
      ffi (>= 1.9.0)
      hooks (>= 0.3.1)
    ropencv (0.0.18)
      ffi (~> 1.9.0)
      rbind (>= 0.0.26)
    uber (0.0.13)

PLATFORMS
  ruby

DEPENDENCIES
  ropencv
